GIT
  remote: https://github.com/mlibrary/cozy-sun-bear
  revision: eaaedae10f3f0152d3b225ca357c881284ba31af
  ref: eaaedae10f3f0152d3b225ca357c881284ba31af
  specs:
    cozy-sun-bear (0.1.0)
      railties (>= 3.1.1)

GEM
  remote: https://rubygems.org/
  specs:
    actioncable (5.0.2)
      actionpack (= 5.0.2)
      nio4r (>= 1.2, < 3.0)
      websocket-driver (~> 0.6.1)
    actionmailer (5.0.2)
      actionpack (= 5.0.2)
      actionview (= 5.0.2)
      activejob (= 5.0.2)
      mail (~> 2.5, >= 2.5.4)
      rails-dom-testing (~> 2.0)
    actionpack (5.0.2)
      actionview (= 5.0.2)
      activesupport (= 5.0.2)
      rack (~> 2.0)
      rack-test (~> 0.6.3)
      rails-dom-testing (~> 2.0)
      rails-html-sanitizer (~> 1.0, >= 1.0.2)
    actionpack-page_caching (1.1.0)
      actionpack (>= 4.0.0, < 6)
    actionview (5.0.2)
      activesupport (= 5.0.2)
      builder (~> 3.1)
      erubis (~> 2.7.0)
      rails-dom-testing (~> 2.0)
      rails-html-sanitizer (~> 1.0, >= 1.0.3)
    active-fedora (11.1.6)
      active-triples (~> 0.11.0)
      activemodel (>= 4.2, < 6)
      activesupport (>= 4.2.4, < 6)
      deprecation
      ldp (~> 0.6.0)
      rsolr (>= 1.1.2, < 3)
      solrizer (>= 3.4, < 5)
    active-triples (0.11.0)
      activemodel (>= 3.0.0)
      activesupport (>= 3.0.0)
      rdf (~> 2.0, >= 2.0.2)
      rdf-vocab
    active_attr (0.10.1)
      activemodel (>= 3.0.2, < 5.2)
      activesupport (>= 3.0.2, < 5.2)
    active_fedora-noid (2.2.0)
      active-fedora (>= 9.7, < 12)
      noid (~> 0.9)
      rails (>= 5.0.0, < 6)
    activejob (5.0.2)
      activesupport (= 5.0.2)
      globalid (>= 0.3.6)
    activemodel (5.0.2)
      activesupport (= 5.0.2)
    activerecord (5.0.2)
      activemodel (= 5.0.2)
      activesupport (= 5.0.2)
      arel (~> 7.0)
    activerecord-import (0.19.0)
      activerecord (>= 3.2)
    activesupport (5.0.2)
      concurrent-ruby (~> 1.0, >= 1.0.2)
      i18n (~> 0.7)
      minitest (~> 5.1)
      tzinfo (~> 1.1)
    addressable (2.5.1)
      public_suffix (~> 2.0, >= 2.0.2)
    almond-rails (0.1.0)
      rails (>= 4.2, < 6)
    arel (7.1.4)
    ast (2.3.0)
    autoprefixer-rails (7.1.2.1)
      execjs
    awesome_nested_set (3.1.3)
      activerecord (>= 4.0.0, < 5.2)
    aws-sdk (2.10.9)
      aws-sdk-resources (= 2.10.9)
    aws-sdk-core (2.10.9)
      aws-sigv4 (~> 1.0)
      jmespath (~> 1.0)
    aws-sdk-resources (2.10.9)
      aws-sdk-core (= 2.10.9)
    aws-sigv4 (1.0.0)
    babel-source (5.8.35)
    babel-transpiler (0.7.0)
      babel-source (>= 4.0, < 6)
      execjs (~> 2.0)
    bcrypt (3.1.11)
    binding_of_caller (0.7.2)
      debug_inspector (>= 0.0.1)
    blacklight (6.10.1)
      bootstrap-sass (~> 3.2)
      deprecation
      globalid
      kaminari (>= 0.15)
      nokogiri (~> 1.6)
      rails (>= 4.2, < 6)
      rsolr (>= 1.0.6, < 3)
      twitter-typeahead-rails (= 0.11.1.pre.corejavascript)
    blacklight-access_controls (0.6.2)
      blacklight (~> 6.0)
      cancancan (~> 1.8)
      deprecation (~> 1.0)
    blacklight-gallery (0.8.0)
      blacklight (~> 6.3)
      bootstrap-sass (~> 3.0)
      openseadragon (>= 0.2.0)
      rails
    bootstrap-sass (3.3.7)
      autoprefixer-rails (>= 5.2.1)
      sass (>= 3.3.4)
    breadcrumbs_on_rails (3.0.1)
    browse-everything (0.14.0)
      addressable (~> 2.5)
      aws-sdk
      bootstrap-sass
      dropbox-sdk (>= 1.6.2)
      font-awesome-rails
      google-api-client (~> 0.9)
      google_drive
      httparty
      rails (>= 3.1)
      ruby-box
      sass-rails
      signet
      skydrive
    builder (3.2.3)
    byebug (9.0.6)
    cancancan (1.17.0)
    capybara (2.14.0)
      addressable
      mime-types (>= 1.16)
      nokogiri (>= 1.3.3)
      rack (>= 1.0.0)
      rack-test (>= 0.5.4)
      xpath (~> 2.0)
    carrierwave (1.1.0)
      activemodel (>= 4.0.0)
      activesupport (>= 4.0.0)
      mime-types (>= 1.16)
    clamav (0.4.1)
    clipboard-rails (1.7.1)
    coderay (1.1.1)
    coffee-rails (4.1.1)
      coffee-script (>= 2.2.0)
      railties (>= 4.0.0, < 5.1.x)
    coffee-script (2.4.1)
      coffee-script-source
      execjs
    coffee-script-source (1.12.2)
    colorator (0.1)
    commonjs (0.2.7)
    concurrent-ruby (1.0.5)
    config (1.4.0)
      activesupport (>= 3.0)
      deep_merge (~> 1.1.1)
    coveralls (0.8.21)
      json (>= 1.8, < 3)
      simplecov (~> 0.14.1)
      term-ansicolor (~> 1.3)
      thor (~> 0.19.4)
      tins (~> 1.6)
    daemons (1.2.4)
    debug_inspector (0.0.2)
    declarative (0.0.9)
    declarative-option (0.1.0)
    deep_merge (1.1.1)
    deprecation (1.0.0)
      activesupport
    devise (4.2.1)
      bcrypt (~> 3.0)
      orm_adapter (~> 0.1)
      railties (>= 4.1.0, < 5.1)
      responders
      warden (~> 1.2.3)
    devise-guests (0.6.0)
      devise
    diff-lcs (1.3)
    docile (1.1.5)
    dropbox-sdk (1.6.5)
      json
    dry-configurable (0.7.0)
      concurrent-ruby (~> 1.0)
    dry-container (0.6.0)
      concurrent-ruby (~> 1.0)
      dry-configurable (~> 0.1, >= 0.1.3)
    dry-core (0.3.1)
      concurrent-ruby (~> 1.0)
    dry-equalizer (0.2.0)
    dry-logic (0.4.1)
      dry-container (~> 0.2, >= 0.2.6)
      dry-core (~> 0.2)
      dry-equalizer (~> 0.2)
    dry-struct (0.3.1)
      dry-configurable (~> 0.1)
      dry-core (~> 0.3)
      dry-equalizer (~> 0.2)
      dry-types (~> 0.9, >= 0.9.0)
      ice_nine (~> 0.11)
    dry-types (0.11.0)
      concurrent-ruby (~> 1.0)
      dry-configurable (~> 0.1)
      dry-container (~> 0.3)
      dry-core (~> 0.2, >= 0.2.1)
      dry-equalizer (~> 0.2)
      dry-logic (~> 0.4, >= 0.4.0)
      inflecto (~> 0.0.0, >= 0.0.2)
    dry-validation (0.11.0)
      concurrent-ruby (~> 1.0)
      dry-configurable (~> 0.1, >= 0.1.3)
      dry-core (~> 0.2, >= 0.2.1)
      dry-equalizer (~> 0.2)
      dry-logic (~> 0.4, >= 0.4.0)
      dry-types (~> 0.11.0)
    ebnf (1.1.0)
      rdf (~> 2.0)
      sxp (~> 1.0)
    erubis (2.7.0)
    execjs (2.7.0)
    factory_girl (4.8.0)
      activesupport (>= 3.0.0)
    factory_girl_rails (4.8.0)
      factory_girl (~> 4.8.0)
      railties (>= 3.0.0)
    fakefs (0.11.0)
    faraday (0.11.0)
      multipart-post (>= 1.2, < 3)
    fcrepo_wrapper (0.5.2)
      ruby-progressbar
    ffi (1.9.18)
    flipflop (2.3.1)
      activesupport (>= 4.0)
    flot-rails (0.0.7)
      jquery-rails
    font-awesome-rails (4.7.0.2)
      railties (>= 3.2, < 5.2)
    font-awesome-sass (4.7.0)
      sass (>= 3.2)
    globalid (0.4.0)
      activesupport (>= 4.2.0)
    google-api-client (0.12.0)
      addressable (~> 2.5, >= 2.5.1)
      googleauth (~> 0.5)
      httpclient (>= 2.8.1, < 3.0)
      mime-types (~> 3.0)
      representable (~> 3.0)
      retriable (>= 2.0, < 4.0)
    google_drive (2.1.5)
      google-api-client (>= 0.11.0, < 0.13.0)
      googleauth (>= 0.5.0, < 1.0.0)
      nokogiri (>= 1.5.3, < 2.0.0)
    googleauth (0.5.1)
      faraday (~> 0.9)
      jwt (~> 1.4)
      logging (~> 2.0)
      memoist (~> 0.12)
      multi_json (~> 1.11)
      os (~> 0.9)
      signet (~> 0.7)
    haml (5.0.1)
      temple (>= 0.8.0)
      tilt
    hamster (3.0.0)
      concurrent-ruby (~> 1.0)
    hiredis (0.6.1)
    htmlentities (4.3.4)
    httmultiparty (0.3.16)
      httparty (>= 0.7.3)
      mimemagic
      multipart-post
    http_logger (0.5.1)
    httparty (0.15.4)
      multi_xml (>= 0.5.2)
    httpclient (2.8.3)
    hydra-access-controls (10.5.0)
      active-fedora (>= 10.0.0, < 12)
      activesupport (>= 4, < 6)
      blacklight (>= 5.16)
      blacklight-access_controls (~> 0.6)
      cancancan (~> 1.8)
      deprecation (~> 1.0)
    hydra-core (10.5.0)
      hydra-access-controls (= 10.5.0)
      railties (>= 4.0.0, < 6)
    hydra-derivatives (3.2.2)
      active-fedora (>= 9.0, < 12)
      activesupport (>= 4.0, < 6)
      deprecation
      mime-types (> 2.0, < 4.0)
      mini_magick (>= 3.2, < 5)
    hydra-editor (3.3.2)
      active-fedora (>= 9.0.0)
      almond-rails (~> 0.1)
      cancancan (~> 1.8)
      rails (>= 4.2.0, < 6)
      simple_form (~> 3.2)
      sprockets-es6
    hydra-file_characterization (0.3.3)
      activesupport (>= 3.0.0)
    hydra-head (10.5.0)
      hydra-access-controls (= 10.5.0)
      hydra-core (= 10.5.0)
      rails (>= 3.2.6)
    hydra-pcdm (0.9.0)
      active-fedora (>= 10, < 12)
      mime-types (>= 1)
    hydra-works (0.16.0)
      hydra-derivatives (~> 3.0)
      hydra-file_characterization (~> 0.3, >= 0.3.3)
      hydra-pcdm (>= 0.9)
      om (~> 3.1)
    hyrax (1.0.2)
      active-fedora (>= 11.1.3)
      active_attr (~> 0.9)
      active_fedora-noid (~> 2.0, >= 2.0.2)
      almond-rails (~> 0.1)
      awesome_nested_set (~> 3.1)
      blacklight (~> 6.9)
      blacklight-gallery (~> 0.7)
      breadcrumbs_on_rails (~> 3.0)
      browse-everything (>= 0.10.5)
      carrierwave (~> 1.0)
      clipboard-rails (~> 1.5)
      dry-equalizer (~> 0.2)
      dry-struct (~> 0.1)
      dry-validation (~> 0.9)
      flipflop (~> 2.3)
      flot-rails (~> 0.0.6)
      font-awesome-rails (~> 4.2)
      hydra-editor (~> 3.2)
      hydra-head (>= 10.4.0)
      hydra-works (~> 0.16)
      jquery-datatables-rails (~> 3.4.0)
      jquery-ui-rails (~> 5.0)
      json-schema
      kaminari_route_prefix (~> 0.1.1)
      legato (~> 0.3)
      mailboxer (~> 0.12)
      nest (~> 2.0)
      oauth
      oauth2 (~> 1.2)
      posix-spawn
      power_converter (~> 0.1, >= 0.1.2)
      qa (~> 1.0)
      rails_autolink (~> 1.1)
      railties (~> 5.0)
      rdf-rdfxml
      redis-namespace (~> 1.5.2)
      redlock (~> 0.1.2)
      retriable (>= 2.9, < 4.0)
      select2-rails (~> 3.5.9)
      signet
      tinymce-rails (~> 4.1)
      tinymce-rails-imageupload (~> 4.0.17.beta)
    i18n (0.8.1)
    ice_nine (0.11.2)
    inflecto (0.0.2)
    jbuilder (2.6.3)
      activesupport (>= 3.0.0, < 5.2)
      multi_json (~> 1.2)
    jekyll (3.1.6)
      colorator (~> 0.1)
      jekyll-sass-converter (~> 1.0)
      jekyll-watch (~> 1.1)
      kramdown (~> 1.3)
      liquid (~> 3.0)
      mercenary (~> 0.3.3)
      rouge (~> 1.7)
      safe_yaml (~> 1.0)
    jekyll-sass-converter (1.5.0)
      sass (~> 3.4)
    jekyll-watch (1.5.0)
      listen (~> 3.0, < 3.1)
    jmespath (1.3.1)
    jquery-datatables-rails (3.4.0)
      actionpack (>= 3.1)
      jquery-rails
      railties (>= 3.1)
      sass-rails
    jquery-rails (4.3.1)
      rails-dom-testing (>= 1, < 3)
      railties (>= 4.2.0)
      thor (>= 0.14, < 2.0)
    jquery-turbolinks (2.1.0)
      railties (>= 3.1.0)
      turbolinks
    jquery-ui-rails (5.0.5)
      railties (>= 3.2.16)
    json (1.8.6)
    json-ld (2.1.3)
      multi_json (~> 1.12)
      rdf (~> 2.2)
    json-schema (2.8.0)
      addressable (>= 2.4)
    jwt (1.5.6)
    kaminari (1.0.1)
      activesupport (>= 4.1.0)
      kaminari-actionview (= 1.0.1)
      kaminari-activerecord (= 1.0.1)
      kaminari-core (= 1.0.1)
    kaminari-actionview (1.0.1)
      actionview
      kaminari-core (= 1.0.1)
    kaminari-activerecord (1.0.1)
      activerecord
      kaminari-core (= 1.0.1)
    kaminari-core (1.0.1)
    kaminari_route_prefix (0.1.1)
      kaminari (~> 1.0)
    kramdown (1.13.2)
    ldp (0.6.4)
      deprecation
      faraday
      http_logger
      json-ld
      rdf (>= 1.1)
      rdf-isomorphic
      rdf-turtle
      rdf-vocab (>= 0.8)
      slop
    legato (0.7.0)
      multi_json
    less (2.6.0)
      commonjs (~> 0.2.7)
    less-rails (2.8.0)
      actionpack (>= 4.0)
      less (~> 2.6.0)
      sprockets (> 2, < 4)
      tilt
    libv8 (3.16.14.19)
    link_header (0.0.8)
    liquid (3.0.6)
    listen (3.0.8)
      rb-fsevent (~> 0.9, >= 0.9.4)
      rb-inotify (~> 0.9, >= 0.9.7)
    little-plugger (1.1.4)
    logging (2.2.2)
      little-plugger (~> 1.1)
      multi_json (~> 1.10)
    loofah (2.0.3)
      nokogiri (>= 1.5.9)
    mail (2.6.5)
      mime-types (>= 1.16, < 4)
    mailboxer (0.15.1)
      carrierwave (>= 0.5.8)
      rails (>= 5.0.0)
    memoist (0.16.0)
    mercenary (0.3.6)
    method_source (0.8.2)
    mime-types (3.1)
      mime-types-data (~> 3.2015)
    mime-types-data (3.2016.0521)
    mimemagic (0.3.2)
    mini_magick (4.8.0)
    mini_portile2 (2.1.0)
    minitest (5.10.2)
    mono_logger (1.1.0)
    multi_json (1.12.1)
    multi_xml (0.6.0)
    multipart-post (2.0.0)
    mustermann (1.0.0)
    mysql2 (0.4.6)
    nest (2.1.0)
      redic
    nio4r (2.0.0)
    noid (0.9.0)
    nokogiri (1.7.2)
      mini_portile2 (~> 2.1.0)
    oauth (0.5.2)
    oauth2 (1.3.1)
      faraday (>= 0.8, < 0.12)
      jwt (~> 1.0)
      multi_json (~> 1.3)
      multi_xml (~> 0.5)
      rack (>= 1.2, < 3)
    om (3.1.1)
      activemodel
      activesupport
      nokogiri (>= 1.4.2)
      solrizer (~> 3.3)
    openseadragon (0.3.3)
      rails (> 3.2.0)
    orm_adapter (0.5.0)
    os (0.9.6)
    parser (2.4.0.0)
      ast (~> 2.2)
    posix-spawn (0.3.13)
    power_converter (0.1.2)
    powerpack (0.1.1)
    pry (0.10.4)
      coderay (~> 1.1.0)
      method_source (~> 0.8.1)
      slop (~> 3.4)
    pry-rails (0.3.6)
      pry (>= 0.10.4)
    public_suffix (2.0.5)
    puma (3.8.2)
    qa (1.2.0)
      activerecord-import
      deprecation
      faraday
      nokogiri (~> 1.6)
      rails (>= 4.2.0, < 6.0)
      rdf
    rack (2.0.3)
    rack-protection (2.0.0)
      rack
    rack-test (0.6.3)
      rack (>= 1.0)
    rails (5.0.2)
      actioncable (= 5.0.2)
      actionmailer (= 5.0.2)
      actionpack (= 5.0.2)
      actionview (= 5.0.2)
      activejob (= 5.0.2)
      activemodel (= 5.0.2)
      activerecord (= 5.0.2)
      activesupport (= 5.0.2)
      bundler (>= 1.3.0, < 2.0)
      railties (= 5.0.2)
      sprockets-rails (>= 2.0.0)
    rails-controller-testing (1.0.1)
      actionpack (~> 5.x)
      actionview (~> 5.x)
      activesupport (~> 5.x)
    rails-dom-testing (2.0.3)
      activesupport (>= 4.2.0)
      nokogiri (>= 1.6)
    rails-html-sanitizer (1.0.3)
      loofah (~> 2.0)
    rails_autolink (1.1.6)
      rails (> 3.1)
    railties (5.0.2)
      actionpack (= 5.0.2)
      activesupport (= 5.0.2)
      method_source
      rake (>= 0.8.7)
      thor (>= 0.18.1, < 2.0)
    rainbow (2.2.2)
      rake
    rake (12.0.0)
    rb-fsevent (0.9.8)
    rb-inotify (0.9.8)
      ffi (>= 0.5.0)
    rdf (2.2.6)
      hamster (~> 3.0)
      link_header (~> 0.0, >= 0.0.8)
    rdf-aggregate-repo (2.2.0)
      rdf (~> 2.0)
    rdf-isomorphic (2.0.0)
      rdf (~> 2.0)
    rdf-rdfa (2.2.2)
      haml (~> 5.0)
      htmlentities (~> 4.3)
      rdf (~> 2.2)
      rdf-aggregate-repo (~> 2.2)
      rdf-xsd (~> 2.1)
    rdf-rdfxml (2.0.0)
      htmlentities (~> 4.3)
      rdf (~> 2.0)
      rdf-rdfa (~> 2.0)
      rdf-xsd (~> 2.0)
    rdf-turtle (2.2.0)
      ebnf (~> 1.1)
      rdf (~> 2.2)
    rdf-vocab (2.2.2)
      rdf (~> 2.2)
    rdf-xsd (2.2.0)
      rdf (~> 2.1)
    rdoc (4.3.0)
    redcarpet (3.3.4)
    redic (1.5.0)
      hiredis
    redis (3.3.3)
    redis-namespace (1.5.3)
      redis (~> 3.0, >= 3.0.4)
    redlock (0.1.8)
      redis (~> 3, >= 3.0.0)
    ref (2.0.0)
    representable (3.0.4)
      declarative (< 0.1.0)
      declarative-option (< 0.2.0)
      uber (< 0.2.0)
    responders (2.4.0)
      actionpack (>= 4.2.0, < 5.3)
      railties (>= 4.2.0, < 5.3)
    resque (1.26.0)
      mono_logger (~> 1.0)
      multi_json (~> 1.0)
      redis-namespace (~> 1.3)
      sinatra (>= 0.9.2)
      vegas (~> 0.1.2)
    resque-pool (0.6.0)
      rake
      resque (~> 1.22)
    resque-web (0.0.11)
      coffee-rails
      font-awesome-sass
      jquery-rails
      resque
      sass-rails
      twitter-bootstrap-rails
    retriable (3.0.2)
    riiif (1.4.1)
      railties (>= 4.2, < 6)
    rouge (1.11.1)
    rsolr (2.0.2)
      builder (>= 2.1.2)
      faraday
    rspec (3.6.0)
      rspec-core (~> 3.6.0)
      rspec-expectations (~> 3.6.0)
      rspec-mocks (~> 3.6.0)
    rspec-context-private (0.0.1)
    rspec-core (3.6.0)
      rspec-support (~> 3.6.0)
    rspec-expectations (3.6.0)
      diff-lcs (>= 1.2.0, < 2.0)
      rspec-support (~> 3.6.0)
    rspec-html-matchers (0.9.1)
      nokogiri (~> 1)
      rspec (>= 3.0.0.a, < 4)
    rspec-mocks (3.6.0)
      diff-lcs (>= 1.2.0, < 2.0)
      rspec-support (~> 3.6.0)
    rspec-rails (3.6.0)
      actionpack (>= 3.0)
      activesupport (>= 3.0)
      railties (>= 3.0)
      rspec-core (~> 3.6.0)
      rspec-expectations (~> 3.6.0)
      rspec-mocks (~> 3.6.0)
      rspec-support (~> 3.6.0)
    rspec-support (3.6.0)
    rubocop (0.48.1)
      parser (>= 2.3.3.1, < 3.0)
      powerpack (~> 0.1)
      rainbow (>= 1.99.1, < 3.0)
      ruby-progressbar (~> 1.7)
      unicode-display_width (~> 1.0, >= 1.0.1)
    rubocop-rspec (1.15.1)
      rubocop (>= 0.42.0)
    ruby-box (1.15.0)
      addressable
      json
      multipart-post
      oauth2
    ruby-progressbar (1.8.1)
    rubyzip (1.2.1)
    safe_yaml (1.0.4)
    sass (3.4.23)
    sass-rails (5.0.6)
      railties (>= 4.0.0, < 6)
      sass (~> 3.1)
      sprockets (>= 2.8, < 4.0)
      sprockets-rails (>= 2.0, < 4.0)
      tilt (>= 1.1, < 3)
    sdoc (0.4.2)
      json (~> 1.7, >= 1.7.7)
      rdoc (~> 4.0)
    select2-rails (3.5.10)
      thor (~> 0.14)
    signet (0.7.3)
      addressable (~> 2.3)
      faraday (~> 0.9)
      jwt (~> 1.5)
      multi_json (~> 1.10)
    simple_form (3.5.0)
      actionpack (> 4, < 5.2)
      activemodel (> 4, < 5.2)
    simplecov (0.14.1)
      docile (~> 1.1.0)
      json (>= 1.8, < 3)
      simplecov-html (~> 0.10.0)
    simplecov-html (0.10.0)
    sinatra (2.0.0)
      mustermann (~> 1.0)
      rack (~> 2.0)
      rack-protection (= 2.0.0)
      tilt (~> 2.0)
    skydrive (1.2.0)
      activesupport
      httmultiparty
      httparty (>= 0.11.0)
      oauth2 (>= 0.9.2)
    slop (3.6.0)
    solr_wrapper (0.21.0)
      faraday
      ruby-progressbar
      rubyzip
    solrizer (3.4.1)
      activesupport
      daemons
      nokogiri
      stomp
      xml-simple
    spring (2.0.1)
      activesupport (>= 4.2)
    sprockets (3.7.1)
      concurrent-ruby (~> 1.0)
      rack (> 1, < 3)
    sprockets-es6 (0.9.2)
      babel-source (>= 5.8.11)
      babel-transpiler
      sprockets (>= 3.0.0)
    sprockets-rails (3.2.0)
      actionpack (>= 4.0)
      activesupport (>= 4.0)
      sprockets (>= 3.0.0)
    sqlite3 (1.3.13)
    stomp (1.4.3)
    sxp (1.0.0)
      rdf (~> 2.0)
    temple (0.8.0)
    term-ansicolor (1.6.0)
      tins (~> 1.0)
    therubyracer (0.12.3)
      libv8 (~> 3.16.14.15)
      ref
    thor (0.19.4)
    thread_safe (0.3.6)
    tilt (2.0.7)
    tins (1.13.2)
    tinymce-rails (4.6.4)
      railties (>= 3.1.1)
    tinymce-rails-imageupload (4.0.17.beta.3)
      railties (>= 3.2, < 6)
      tinymce-rails (~> 4.0)
    turbolinks (5.0.1)
      turbolinks-source (~> 5)
    turbolinks-source (5.0.3)
    twitter-bootstrap-rails (4.0.0)
      actionpack (~> 5.0, >= 5.0.1)
      execjs (~> 2.7)
      less-rails (~> 2.8, >= 2.8.0)
      railties (~> 5.0, >= 5.0.1)
    twitter-typeahead-rails (0.11.1.pre.corejavascript)
      actionpack (>= 3.1)
      jquery-rails
      railties (>= 3.1)
    tzinfo (1.2.3)
      thread_safe (~> 0.1)
    uber (0.1.0)
    uglifier (3.2.0)
      execjs (>= 0.3.0, < 3)
    unicode-display_width (1.2.1)
    vegas (0.1.11)
      rack (>= 1.0.0)
    warden (1.2.7)
      rack (>= 1.0)
    web-console (2.3.0)
      activemodel (>= 4.0)
      binding_of_caller (>= 0.7.2)
      railties (>= 4.0)
      sprockets-rails (>= 2.0, < 4.0)
    websocket-driver (0.6.5)
      websocket-extensions (>= 0.1.0)
    websocket-extensions (0.1.2)
    xml-simple (1.1.5)
    xpath (2.0.0)
      nokogiri (~> 1.3)

PLATFORMS
  ruby

DEPENDENCIES
  actionpack-page_caching (~> 1.1.0)
  active-fedora (~> 11.1.6)
  byebug
  capybara
  carrierwave (~> 1.1.0)
  clamav
  coffee-rails (~> 4.1.0)
  config
  coveralls
  cozy-sun-bear!
  devise
  devise-guests (~> 0.3)
  factory_girl_rails
  fakefs
  fcrepo_wrapper (= 0.5.2)
  httparty
  hyrax (= 1.0.2)
  jbuilder (~> 2.0)
  jekyll (~> 3.1.3)
  jquery-rails
  jquery-turbolinks
  legato (~> 0.3)
  mysql2
  oauth
  oauth2 (~> 1.2)
  pry-rails (~> 0.3.4)
  puma
  rails (= 5.0.2)
  rails-controller-testing
  redcarpet (~> 3.3.4)
  resque (~> 1.26.0)
  resque-pool
  resque-web (~> 0.0.7)
  riiif (= 1.4.1)
  rsolr (~> 2.0.1)
  rspec-context-private
  rspec-html-matchers
  rspec-rails
  rubocop (~> 0.48.1)
  rubocop-rspec (~> 1.15.1)
  rubyzip
  sass-rails (~> 5.0)
  sdoc (~> 0.4.0)
  signet
  solr_wrapper (= 0.21.0)
  spring
  sqlite3
  therubyracer
  turbolinks
  uglifier (>= 3.2.0)
  web-console (~> 2.0)

BUNDLED WITH
   1.14.6
